GIT
  remote: https://github.com/aetaric/cinch
  revision: 0512975955340760e8a38cb6427bb6a9215282c4
  specs:
    cinch (2.3.1)

GEM
  remote: https://rubygems.org/
  specs:
    activesupport (5.0.2)
      concurrent-ruby (~> 1.0, >= 1.0.2)
      i18n (~> 0.7)
      minitest (~> 5.1)
      tzinfo (~> 1.1)
    bson (4.2.1)
    concurrent-ruby (1.0.5)
    i18n (0.8.1)
    mini_portile2 (2.1.0)
    minitest (5.10.1)
    mongo (2.4.1)
      bson (>= 4.2.1, < 5.0.0)
    nokogiri (1.7.1)
      mini_portile2 (~> 2.1.0)
    redis (3.1.0)
    thread_safe (0.3.6)
    tzinfo (1.2.2)
      thread_safe (~> 0.1)

PLATFORMS
  ruby

DEPENDENCIES
  activesupport
  cinch!
  mongo
  nokogiri
  redis

BUNDLED WITH
   1.14.6
