GIT
  remote: https://github.com/aetaric/cinch
  revision: 6282af55dee2913f06c0b0b1e2cd7d3847767a5f
  specs:
    cinch (2.3.1)

GIT
  remote: https://github.com/aetaric/cinch-cooldown
  revision: b28df6e10173360138bb993074f2fa78f645394a
  specs:
    cinch-cooldown (1.2.0)
      cinch (~> 2)
      time-lord (~> 1.0, >= 1.0.1)

GEM
  remote: https://rubygems.org/
  specs:
    activesupport (5.1.4)
      concurrent-ruby (~> 1.0, >= 1.0.2)
      i18n (~> 0.7)
      minitest (~> 5.1)
      tzinfo (~> 1.1)
    bson (4.3.0)
    concurrent-ruby (1.0.5)
    eventmachine (1.2.5)
    httparty (0.15.6)
      multi_xml (>= 0.5.2)
    i18n (0.9.3)
      concurrent-ruby (~> 1.0)
    json (2.1.0)
    mini_portile2 (2.3.0)
    minitest (5.11.3)
    mongo (2.5.0)
      bson (>= 4.3.0, < 5.0.0)
    multi_xml (0.6.0)
    nokogiri (1.8.2)
      mini_portile2 (~> 2.3.0)
    redis (4.0.1)
    thread_safe (0.3.6)
    time-lord (1.0.1)
    twitch (0.1.3)
      httparty
      json
    tzinfo (1.2.5)
      thread_safe (~> 0.1)

PLATFORMS
  ruby

DEPENDENCIES
  activesupport
  cinch!
  cinch-cooldown!
  eventmachine
  mongo
  nokogiri
  redis
  twitch (~> 0.1.0)
  tzinfo

BUNDLED WITH
   1.16.1
